GEM
  remote: https://rubygems.org/
  specs:
    byebug (11.1.3)
    coderay (1.1.3)
    logger (1.6.1)
    method_source (1.1.0)
    nokogiri (1.16.7-arm64-darwin)
      racc (~> 1.4)
    pry (0.14.2)
      coderay (~> 1.1)
      method_source (~> 1.0)
    pry-byebug (3.10.1)
      byebug (~> 11.0)
      pry (>= 0.13, < 0.15)
    racc (1.8.1)

PLATFORMS
  arm64-darwin-22

DEPENDENCIES
  logger
  nokogiri
  pry-byebug

BUNDLED WITH
   2.4.7
